GIT
  remote: https://github.com/groovenauts/capistrano-systemd-multiservice.git
  revision: 39e31427b5dc6c595cf37ed51ae3b3a347f525f6
  specs:
    capistrano-systemd-multiservice (0.1.0.beta10)
      capistrano (>= 3.7.0, < 3.15.0)

GEM
  remote: http://rubygems.org/
  specs:
    airbrussh (1.4.0)
      sshkit (>= 1.6.1, != 1.7.0)
    capistrano (3.12.1)
      airbrussh (>= 1.0.0)
      i18n
      rake (>= 10.0.0)
      sshkit (>= 1.9.0)
    capistrano-git-with-submodules (2.0.4)
      capistrano (~> 3.7)
    capistrano-shell (0.2.0)
      capistrano (~> 3.1)
    concurrent-ruby (1.1.6)
    i18n (1.8.2)
      concurrent-ruby (~> 1.0)
    net-scp (2.0.0)
      net-ssh (>= 2.6.5, < 6.0.0)
    net-ssh (5.2.0)
    rake (13.0.1)
    sshkit (1.21.0)
      net-scp (>= 1.1.2)
      net-ssh (>= 2.8.0)

PLATFORMS
  ruby

DEPENDENCIES
  capistrano
  capistrano-git-with-submodules
  capistrano-shell
  capistrano-systemd-multiservice!

BUNDLED WITH
   2.1.4
